GIT
  remote: https://github.com/grpc/grpc.git
  revision: 78a4d21f9be3ab8b6bc56316f1d41fb681a541ac
  submodules: true
  specs:
    grpc (1.43.0.dev)
      google-protobuf (~> 3.18)
      googleapis-common-protos-types (~> 1.0)

GEM
  remote: https://rubygems.org/
  specs:
    faraday (1.8.0)
      faraday-em_http (~> 1.0)
      faraday-em_synchrony (~> 1.0)
      faraday-excon (~> 1.1)
      faraday-httpclient (~> 1.0.1)
      faraday-net_http (~> 1.0)
      faraday-net_http_persistent (~> 1.1)
      faraday-patron (~> 1.0)
      faraday-rack (~> 1.0)
      multipart-post (>= 1.2, < 3)
      ruby2_keywords (>= 0.0.4)
    faraday-em_http (1.0.0)
    faraday-em_synchrony (1.0.0)
    faraday-excon (1.1.0)
    faraday-httpclient (1.0.1)
    faraday-net_http (1.0.1)
    faraday-net_http_persistent (1.2.0)
    faraday-patron (1.0.0)
    faraday-rack (1.0.0)
    google-protobuf (3.19.1-x86_64-darwin)
    googleapis-common-protos-types (1.3.0)
      google-protobuf (~> 3.14)
    multipart-post (2.1.1)
    ruby2_keywords (0.0.5)
    twirp (1.9.0)
      faraday (< 2)
      google-protobuf (~> 3.0, >= 3.7.0)

PLATFORMS
  x86_64-darwin-19

DEPENDENCIES
  grpc!
  twirp

BUNDLED WITH
   2.2.17
