GIT
  remote: https://github.com/grpc/grpc.git
  revision: 78a4d21f9be3ab8b6bc56316f1d41fb681a541ac
  submodules: true
  specs:
    grpc (1.43.0.dev)
      google-protobuf (~> 3.18)
      googleapis-common-protos-types (~> 1.0)

GEM
  remote: https://rubygems.org/
  specs:
    google-protobuf (3.19.1-x86_64-darwin)
    googleapis-common-protos-types (1.3.0)
      google-protobuf (~> 3.14)
    grpc-tools (1.41.1)

PLATFORMS
  x86_64-darwin-19

DEPENDENCIES
  grpc!
  grpc-tools

BUNDLED WITH
   2.2.17
